PATH
  remote: .
  specs:
    ppp (0.0.0)

GEM
  remote: https://rubygems.org/
  specs:

PLATFORMS
  ruby

DEPENDENCIES
  bundler (~> 1.3)
  ppp!
