PATH
  remote: .
  specs:
    ppp (0.0.0)

GEM
  remote: https://rubygems.org/
  specs:
    diff-lcs (1.2.4)
    hashr (0.0.22)
    rake (10.0.4)
    rspec (2.14.0)
      rspec-core (~> 2.14.0)
      rspec-expectations (~> 2.14.0)
      rspec-mocks (~> 2.14.0)
    rspec-core (2.14.0)
    rspec-expectations (2.14.0)
      diff-lcs (>= 1.1.3, < 2.0)
    rspec-mocks (2.14.0)
    travis-lint (1.7.0)
      hashr (~> 0.0.22)

PLATFORMS
  ruby

DEPENDENCIES
  bundler (~> 1.3)
  ppp!
  rake
  rspec
  travis-lint
